GEM
  remote: https://rubygems.org/
  specs:
    byebug (10.0.2)
    httparty (0.16.2)
      multi_xml (>= 0.5.2)
    mini_portile2 (2.3.0)
    multi_xml (0.6.0)
    nokogiri (1.8.4)
      mini_portile2 (~> 2.3.0)

PLATFORMS
  ruby

DEPENDENCIES
  byebug
  httparty
  nokogiri

BUNDLED WITH
   1.16.2
